GEM
  remote: https://rubygems.org/
  specs:
    activesupport (6.1.4.1)
      concurrent-ruby (~> 1.0, >= 1.0.2)
      i18n (>= 1.6, < 2)
      minitest (>= 5.1)
      tzinfo (~> 2.0)
      zeitwerk (~> 2.3)
    coderay (1.1.3)
    concurrent-ruby (1.1.9)
    docile (1.4.0)
    em-websocket (0.5.3)
      eventmachine (>= 0.12.9)
      http_parser.rb (~> 0)
    eventmachine (1.2.7)
    ffi (1.15.4)
    formatador (0.3.0)
    gemoji (3.0.1)
    gli (2.20.1)
    guard (2.18.0)
      formatador (>= 0.2.4)
      listen (>= 2.7, < 4.0)
      lumberjack (>= 1.0.12, < 2.0)
      nenv (~> 0.1)
      notiffany (~> 0.0)
      pry (>= 0.13.0)
      shellany (~> 0.0)
      thor (>= 0.18.1)
    guard-compat (1.2.1)
    guard-livereload (2.5.2)
      em-websocket (~> 0.5)
      guard (~> 2.8)
      guard-compat (~> 1.0)
      multi_json (~> 1.8)
    haml (5.2.2)
      temple (>= 0.8.0)
      tilt
    html-pipeline (2.14.0)
      activesupport (>= 2)
      nokogiri (>= 1.4)
    http_parser.rb (0.8.0)
    i18n (1.8.11)
      concurrent-ruby (~> 1.0)
    kramdown (2.3.1)
      rexml
    kramdown-parser-gfm (1.1.0)
      kramdown (~> 2.0)
    listen (3.2.1)
      rb-fsevent (~> 0.10, >= 0.10.3)
      rb-inotify (~> 0.9, >= 0.9.10)
    lumberjack (1.2.8)
    method_source (1.0.0)
    mini_portile2 (2.6.1)
    minitest (5.14.4)
    multi_json (1.15.0)
    nenv (0.3.0)
    nokogiri (1.12.5)
      mini_portile2 (~> 2.6.1)
      racc (~> 1.4)
    notiffany (0.1.3)
      nenv (~> 0.1)
      shellany (~> 0.0)
    pry (0.14.1)
      coderay (~> 1.1)
      method_source (~> 1.0)
    racc (1.6.0)
    rack (2.2.6.2)
    rack-livereload (0.3.17)
      rack
    rake (13.0.6)
    rb-fsevent (0.11.0)
    rb-inotify (0.10.1)
      ffi (~> 1.0)
    reveal-ck (4.0.0)
      docile (~> 1.3)
      gemoji (~> 3.0)
      gli (~> 2.19)
      guard (~> 2.16)
      guard-livereload (~> 2.5)
      haml (~> 5.1)
      html-pipeline (~> 2.12)
      kramdown (~> 2.1)
      kramdown-parser-gfm (~> 1.1)
      listen (= 3.2.1)
      rack (~> 2.2)
      rack-livereload (= 0.3.17)
      rake (~> 13.0)
      rinku (~> 2.0)
      slim (~> 4.0)
      thor (~> 1.0)
      tilt (= 2.0.9)
    rexml (3.2.5)
    rinku (2.0.6)
    shellany (0.0.1)
    slim (4.1.0)
      temple (>= 0.7.6, < 0.9)
      tilt (>= 2.0.6, < 2.1)
    temple (0.8.2)
    thor (1.1.0)
    tilt (2.0.9)
    tzinfo (2.0.4)
      concurrent-ruby (~> 1.0)
    webrick (1.7.0)
    zeitwerk (2.5.1)

PLATFORMS
  ruby

DEPENDENCIES
  reveal-ck
  webrick (~> 1.7)

BUNDLED WITH
   2.1.4
